GEM
  remote: https://rubygems.org/
  specs:
    activesupport (4.2.6)
      i18n (~> 0.7)
      json (~> 1.7, >= 1.7.7)
      minitest (~> 5.1)
      thread_safe (~> 0.3, >= 0.3.4)
      tzinfo (~> 1.1)
    addressable (2.4.0)
    colored (1.2)
    concurrent-ruby (1.1.10)
    ethon (0.8.1)
      ffi (>= 1.3.0)
    ffi (1.11.2)
    html-proofer (3.0.4)
      activesupport (~> 4.2)
      addressable (~> 2.3)
      colored (~> 1.2)
      mercenary (~> 0.3.2)
      nokogiri (~> 1.5)
      parallel (~> 1.3)
      typhoeus (~> 0.7)
      yell (~> 2.0)
    i18n (0.9.5)
      concurrent-ruby (~> 1.0)
    json (1.8.3)
    mercenary (0.3.5)
    mini_portile2 (2.4.0)
    minitest (5.8.4)
    nokogiri (1.10.8)
      mini_portile2 (~> 2.4.0)
    parallel (1.8.0)
    thread_safe (0.3.5)
    typhoeus (0.8.0)
      ethon (>= 0.8.0)
    tzinfo (1.2.2)
      thread_safe (~> 0.1)
    yell (2.0.5)

PLATFORMS
  ruby

DEPENDENCIES
  html-proofer

BUNDLED WITH
   1.11.2
